PATH
  remote: .
  specs:
    praxis-exception-handler (1.0)
      praxis (>= 0.18)
      praxis-blueprints (>= 2.2)
      praxis-mapper (>= 4.1)

GEM
  remote: https://rubygems.org/
  specs:
    activesupport (4.2.5)
      i18n (~> 0.7)
      json (~> 1.7, >= 1.7.7)
      minitest (~> 5.1)
      thread_safe (~> 0.3, >= 0.3.4)
      tzinfo (~> 1.1)
    attributor (5.0.1)
      activesupport (>= 3)
      hashie (~> 3)
      randexp (~> 0)
    harness (2.0.0)
      statsd-ruby
    hashie (3.4.3)
    i18n (0.7.0)
    json (1.8.3)
    mime (0.4.3)
    minitest (5.8.4)
    mustermann (0.4.0)
      tool (~> 0.2)
    praxis (0.19.0)
      activesupport (>= 3)
      attributor (~> 5.0)
      harness (~> 2)
      mime (~> 0)
      mustermann (~> 0)
      praxis-blueprints (~> 3.1)
      praxis-mapper (~> 4.2)
      rack (~> 1)
      terminal-table (~> 1.4)
      thor (~> 0.18)
    praxis-blueprints (3.1)
      activesupport (>= 3)
      attributor (>= 4.2)
      randexp (~> 0)
    praxis-mapper (4.2)
      activesupport (>= 3)
      randexp (~> 0)
      sequel (~> 4)
    rack (1.6.4)
    rake (0.9.6)
    randexp (0.1.7)
    sequel (4.30.0)
    statsd-ruby (1.3.0)
    terminal-table (1.5.2)
    thor (0.19.1)
    thread_safe (0.3.5)
    tool (0.2.3)
    tzinfo (1.2.2)
      thread_safe (~> 0.1)

PLATFORMS
  ruby

DEPENDENCIES
  bundler (~> 1.6)
  praxis-exception-handler!
  rake (~> 0)

BUNDLED WITH
   1.11.2
